GEM
  remote: https://rubygems.org/
  specs:
    addressable (2.8.0)
      public_suffix (>= 2.0.2, < 5.0)
    crack (0.4.3)
      safe_yaml (~> 1.0.0)
    hashdiff (1.0.0)
    json (2.3.0)
    power_assert (1.1.6)
    public_suffix (4.0.6)
    rake (13.0.1)
    rexml (3.2.7)
      strscan (>= 3.0.9)
    safe_yaml (1.0.5)
    strscan (3.1.0)
    test-unit (3.3.5)
      power_assert
    webmock (3.8.2)
      addressable (>= 2.3.6)
      crack (>= 0.3.2)
      hashdiff (>= 0.4.0, < 2.0.0)

PLATFORMS
  ruby
  x64-mingw32
  x86-mingw32
  x86_64-linux

DEPENDENCIES
  json
  rake
  rexml
  test-unit
  webmock

BUNDLED WITH
   2.2.22
